GEM
  remote: https://rubygems.org/
  specs:
    addressable (2.3.8)
    concurrent-ruby (1.0.0)
    concurrent-ruby-edge (0.2.0)
      concurrent-ruby (~> 1.0.0)
    crack (0.4.2)
      safe_yaml (~> 1.0.0)
    httpi (2.3.0)
      rack
    puma (2.15.3)
    rack (1.6.4)
    rack-protection (1.5.3)
      rack
    safe_yaml (1.0.4)
    shotgun (0.9.1)
      rack (>= 1.0)
    sinatra (1.4.6)
      rack (~> 1.4)
      rack-protection (~> 1.4)
      tilt (>= 1.3, < 3)
    tilt (2.0.1)
    webmock (1.18.0)
      addressable (>= 2.3.6)
      crack (>= 0.3.2)

PLATFORMS
  ruby

DEPENDENCIES
  concurrent-ruby-edge
  httpi
  puma
  shotgun
  sinatra
  webmock
